GEM
  remote: https://rubygems.org/
  specs:
    minitest (5.10.2)

PLATFORMS
  ruby

DEPENDENCIES
  minitest

RUBY VERSION
   ruby 2.3.3p222

BUNDLED WITH
   1.14.4
